PATH
  remote: .
  specs:
    mvm (0.1.r47.g870705b)
      iso-639 (~> 0)
      streamio-ffmpeg (~> 0)
      xdg (~> 0)

GEM
  remote: https://rubygems.org/
  specs:
    addressable (2.3.6)
    ast (2.0.0)
    astrolabe (1.3.0)
      parser (>= 2.2.0.pre.3, < 3.0)
    iso-639 (0.2.5)
    parser (2.2.0.2)
      ast (>= 1.1, < 3.0)
    powerpack (0.0.9)
    rainbow (2.0.0)
    rspec (0.9.4)
    rubocop (0.28.0)
      astrolabe (~> 1.3)
      parser (>= 2.2.0.pre.7, < 3.0)
      powerpack (~> 0.0.6)
      rainbow (>= 1.99.1, < 3.0)
      ruby-progressbar (~> 1.4)
    ruby-progressbar (1.7.1)
    streamio-ffmpeg (0.9.0)
    vcr (0.4.1)
    webmock (0.9.1)
      addressable (>= 2.1.1)
    xdg (0.5.2)

PLATFORMS
  java
  ruby

DEPENDENCIES
  mvm!
  rspec (~> 0)
  rubocop (~> 0)
  vcr (~> 0)
  webmock (~> 0)
